PATH
  remote: .
  specs:
    timer_with_snooze (0.1.0)

GEM
  remote: https://rubygems.org/
  specs:
    rake (12.3.1)

PLATFORMS
  ruby

DEPENDENCIES
  bundler (~> 1.16)
  rake (~> 12.3)
  timer_with_snooze!

BUNDLED WITH
   1.16.1
